GEM
  remote: https://rubygems.org/
  specs:
    addressable (2.3.7)
    mini_portile (0.6.2)
    nokogiri (1.6.6.2)
      mini_portile (~> 0.6.0)
    similar_text (0.0.4)
    toname (0.1.2)

PLATFORMS
  ruby

DEPENDENCIES
  addressable (~> 2.3)
  nokogiri (~> 1.6.6)
  similar_text
  toname (~> 0.1)
